GEM
  remote: https://rubygems.org/
  specs:
    awesome_print (1.8.0)
    byebug (11.1.3)
    chronic (0.10.2)
    geocoder (1.6.3)
    pg (1.2.3)
    sequel (5.33.0)
    whenever (1.0.0)
      chronic (>= 0.6.3)

PLATFORMS
  ruby

DEPENDENCIES
  awesome_print!
  byebug!
  geocoder!
  pg!
  sequel!
  whenever!

RUBY VERSION
   ruby 2.6.5p114

BUNDLED WITH
   2.1.4
